PATH
  remote: .
  specs:
    coltrane (2.2.1)
      color (~> 1.8)
      coreaudio (~> 0.0.12)
      dry-monads (~> 0.4)
      paint (~> 2.0)
      pedrozath-mercenary (~> 0.3)

GEM
  remote: https://rubygems.org/
  specs:
    addressable (2.5.2)
      public_suffix (>= 2.0.2, < 4.0)
    ast (2.3.0)
    byebug (9.1.0)
    coderay (1.1.2)
    color (1.8)
    concurrent-ruby (1.0.5)
    coreaudio (0.0.12)
      narray (~> 0.6.0.0)
    diff-lcs (1.3)
    docile (1.1.5)
    dry-core (0.4.5)
      concurrent-ruby (~> 1.0)
    dry-equalizer (0.2.0)
    dry-monads (0.4.0)
      dry-core (~> 0.3, >= 0.3.3)
      dry-equalizer
    faraday (0.14.0)
      multipart-post (>= 1.2, < 3)
    gitlab (3.6.1)
      httparty
      terminal-table
    hike (1.2.3)
    httparty (0.16.1)
      multi_xml (>= 0.5.2)
    interception (0.5)
    json (2.1.0)
    method_source (0.9.0)
    multi_xml (0.6.0)
    multipart-post (2.0.0)
    narray (0.6.0.9)
    octokit (4.8.0)
      sawyer (~> 0.8.0, >= 0.5.3)
    opal (0.10.5)
      hike (~> 1.2)
      sourcemap (~> 0.1.0)
      sprockets (~> 3.1)
      tilt (>= 1.4)
    opal-rspec (0.6.1)
      opal (>= 0.10.0, < 0.12)
    paint (2.0.1)
    parallel (1.12.1)
    parser (2.4.0.2)
      ast (~> 2.3)
    pedrozath-mercenary (0.3.6)
    powerpack (0.1.1)
    pronto (0.6.0)
      gitlab (~> 3.6, >= 3.4.0)
      octokit (~> 4.3, >= 4.1.0)
      rugged (~> 0.24, >= 0.23.0)
      thor (~> 0.19.0)
    pronto-rubocop (0.6.2)
      pronto (~> 0.6.0)
      rubocop (~> 0.38, >= 0.35.0)
    pry (0.11.3)
      coderay (~> 1.1.0)
      method_source (~> 0.9.0)
    pry-byebug (3.5.1)
      byebug (~> 9.1)
      pry (~> 0.10)
    pry-rescue (1.4.5)
      interception (>= 0.5)
      pry
    public_suffix (3.0.2)
    rack (2.0.4)
    rainbow (3.0.0)
    rake (10.5.0)
    rspec (3.7.0)
      rspec-core (~> 3.7.0)
      rspec-expectations (~> 3.7.0)
      rspec-mocks (~> 3.7.0)
    rspec-core (3.7.1)
      rspec-support (~> 3.7.0)
    rspec-expectations (3.7.0)
      diff-lcs (>= 1.2.0, < 2.0)
      rspec-support (~> 3.7.0)
    rspec-mocks (3.7.0)
      diff-lcs (>= 1.2.0, < 2.0)
      rspec-support (~> 3.7.0)
    rspec-support (3.7.0)
    rubocop (0.52.1)
      parallel (~> 1.10)
      parser (>= 2.4.0.2, < 3.0)
      powerpack (~> 0.1)
      rainbow (>= 2.2.2, < 4.0)
      ruby-progressbar (~> 1.7)
      unicode-display_width (~> 1.0, >= 1.0.1)
    ruby-progressbar (1.9.0)
    rugged (0.26.0)
    sawyer (0.8.1)
      addressable (>= 2.3.5, < 2.6)
      faraday (~> 0.8, < 1.0)
    simplecov (0.15.1)
      docile (~> 1.1.0)
      json (>= 1.8, < 3)
      simplecov-html (~> 0.10.0)
    simplecov-html (0.10.2)
    sourcemap (0.1.1)
    sprockets (3.7.1)
      concurrent-ruby (~> 1.0)
      rack (> 1, < 3)
    terminal-table (1.8.0)
      unicode-display_width (~> 1.1, >= 1.1.1)
    thor (0.19.4)
    tilt (2.0.8)
    unicode-display_width (1.3.0)

PLATFORMS
  ruby

DEPENDENCIES
  bundler (~> 1.14)
  coltrane!
  opal-rspec
  pronto-rubocop
  pry
  pry-byebug
  pry-rescue
  rake (~> 10.0)
  rspec
  rubocop
  simplecov

BUNDLED WITH
   1.16.1
